GEM
  remote: https://rubygems.org/
  specs:
    erubis (2.7.0)
    rack (1.4.4)

PLATFORMS
  ruby

DEPENDENCIES
  erubis
  rack
